ObjectType = Image
NDims = 3
BinaryData = True
BinaryDataByteOrderMSB = False
CompressedData = False
TransformMatrix = 1 0 0 0 1 0 0 0 1
Offset = 0 0 0
CenterOfRotation = 0 0 0
AnatomicalOrientation = RAI
ElementSpacing = 0.28699999999999998 0.28699999999999998 1
DimSize = 1280 1280 3
ElementType = MET_FLOAT
ElementDataFile = drr.raw
